GEM
  remote: https://rubygems.org/
  specs:
    activesupport (5.2.4.4)
      concurrent-ruby (~> 1.0, >= 1.0.2)
      i18n (>= 0.7, < 2)
      minitest (~> 5.1)
      tzinfo (~> 1.1)
    cairo (1.16.6)
      native-package-installer (>= 1.0.3)
      pkg-config (>= 1.2.2)
    cairo-gobject (3.4.3)
      cairo (>= 1.16.2)
      glib2 (= 3.4.3)
    concurrent-ruby (1.1.7)
    glib2 (3.4.3)
      native-package-installer (>= 1.0.3)
      pkg-config (>= 1.3.5)
    gobject-introspection (3.4.3)
      glib2 (= 3.4.3)
    i18n (0.9.5)
      concurrent-ruby (~> 1.0)
    minitest (5.14.2)
    native-package-installer (1.0.9)
    pango (3.4.3)
      cairo-gobject (= 3.4.3)
      gobject-introspection (= 3.4.3)
    pkg-config (1.4.4)
    thread_safe (0.3.6)
    tzinfo (1.2.7)
      thread_safe (~> 0.1)

PLATFORMS
  ruby

DEPENDENCIES
  activesupport (~> 5.2)
  cairo
  pango

BUNDLED WITH
   1.16.4
